GEM
  remote: https://rubygems.org/
  specs:
    eventmachine (1.0.9.1)
    faye-websocket (0.10.2)
      eventmachine (>= 0.12.0)
      websocket-driver (>= 0.5.1)
    foreman (0.78.0)
      thor (~> 0.19.1)
    puma (2.16.0)
    rack (1.6.4)
    thor (0.19.1)
    websocket-driver (0.6.3)
      websocket-extensions (>= 0.1.0)
    websocket-extensions (0.1.2)

PLATFORMS
  ruby

DEPENDENCIES
  faye-websocket
  foreman
  puma
  rack

BUNDLED WITH
   1.11.2
